GEM
  remote: http://rubygems.org/
  specs:
    backports (2.3.0)
    chunky_png (1.2.5)
    compass (0.11.5)
      chunky_png (~> 1.2)
      fssm (>= 0.2.7)
      sass (~> 3.1)
    fssm (0.2.7)
    haml (3.1.3)
    haml-more (0.5.1)
      haml (>= 2.2.20)
      monkey-lib (~> 0.5.2)
    monkey-lib (0.5.4)
      backports
    rack (1.3.4)
    rack-protection (1.1.4)
      rack
    sass (3.1.10)
    sinatra (1.3.1)
      rack (~> 1.3, >= 1.3.4)
      rack-protection (~> 1.1, >= 1.1.2)
      tilt (~> 1.3, >= 1.3.3)
    sinatra-advanced-routes (0.5.1)
      monkey-lib (~> 0.5.0)
      sinatra (~> 1.0)
      sinatra-sugar (~> 0.5.0)
    sinatra-compass (0.5.0)
      compass (>= 0.8.17)
      haml-more (~> 0.5.0)
      monkey-lib (~> 0.5.0)
      sinatra (~> 1.0)
      sinatra-sugar (~> 0.5.0)
    sinatra-sugar (0.5.1)
      monkey-lib (~> 0.5.0)
      sinatra (~> 1.0)
    tilt (1.3.3)

PLATFORMS
  ruby

DEPENDENCIES
  sinatra
  sinatra-advanced-routes
  sinatra-compass
